PATH
  remote: .
  specs:
    riaque (0.0.1)
      riik

GEM
  remote: http://rubygems.org/
  specs:
    activemodel (3.0.5)
      activesupport (= 3.0.5)
      builder (~> 2.1.2)
      i18n (~> 0.4)
    activesupport (3.0.5)
    addressable (2.2.6)
    beefcake (0.3.2)
    builder (2.1.2)
    colorize (0.5.8)
    crack (0.3.1)
    diff-lcs (1.1.3)
    excon (0.7.12)
    gherkin (2.5.4)
      json (>= 1.4.6)
    guard (0.8.8)
      thor (~> 0.14.6)
    guard-ctags-bundler (0.0.3)
      guard (>= 0.4.0)
    guard-rspec (0.5.9)
      guard (>= 0.8.4)
    guard-yard (1.0.2)
      guard (>= 0.2.2)
      yard (>= 0.7.0)
    highline (1.6.8)
    httparty (0.8.1)
      multi_json
      multi_xml
    i18n (0.6.0)
    json (1.6.3)
    multi_json (1.0.4)
    multi_xml (0.4.1)
    rake (0.9.2.2)
    rdoc (3.11)
      json (~> 1.4)
    redcarpet (2.0.0)
    riak-client (0.9.8)
      beefcake (= 0.3.2)
      builder (~> 2.1.2)
      i18n (>= 0.4.0)
    riik (0.2.0)
      excon
      riak-client
    ripple (0.9.5)
      activemodel (~> 3.0.0)
      activesupport (~> 3.0.0)
      riak-client (~> 0.9.5)
    rspec (2.7.0)
      rspec-core (~> 2.7.0)
      rspec-expectations (~> 2.7.0)
      rspec-mocks (~> 2.7.0)
    rspec-core (2.7.1)
    rspec-expectations (2.7.0)
      diff-lcs (~> 1.1.2)
    rspec-mocks (2.7.0)
    spinach (0.1.5.4)
      colorize
      gherkin (= 2.5.4)
    tddium (1.0.1)
      bundler
      highline
      json
      tddium_client (~> 0.1.1)
      thor
    tddium_client (0.1.2)
      httparty
      json
    thor (0.14.6)
    vcr (1.11.3)
    webmock (1.7.8)
      addressable (~> 2.2, > 2.2.5)
      crack (>= 0.1.7)
    yard (0.7.4)

PLATFORMS
  ruby

DEPENDENCIES
  guard
  guard-ctags-bundler
  guard-rspec
  guard-yard
  rake (~> 0.9.2)
  rdoc
  redcarpet
  riaque!
  ripple
  rspec
  spinach
  tddium
  vcr
  webmock
  yard
